PATH
  remote: .
  specs:
    bundler-path-build-ext (0.1.0)

GEM
  remote: https://rubygems.org/
  specs:
    rake (12.3.3)

PLATFORMS
  x86_64-darwin-17

DEPENDENCIES
  bundler-path-build-ext!
  rake (~> 12.0)

BUNDLED WITH
   2.2.3
